PATH
  remote: .
  specs:
    skyrocket (0.0.1)
      rack (~> 1.0)

GEM
  remote: http://rubygems.org/
  specs:
    coffee-script (2.2.0)
      coffee-script-source
      execjs
    coffee-script-source (1.2.0)
    diff-lcs (1.1.3)
    execjs (1.3.2)
      multi_json (~> 1.0)
    multi_json (1.3.5)
    rack (1.4.1)
    rack-test (0.6.1)
      rack (>= 1.0)
    rake (0.9.2.2)
    rspec (2.10.0)
      rspec-core (~> 2.10.0)
      rspec-expectations (~> 2.10.0)
      rspec-mocks (~> 2.10.0)
    rspec-core (2.10.0)
    rspec-expectations (2.10.0)
      diff-lcs (~> 1.1.3)
    rspec-mocks (2.10.1)
    sass (3.1.18)

PLATFORMS
  ruby

DEPENDENCIES
  coffee-script (~> 2.0)
  coffee-script-source (~> 1.2.0)
  rack-test
  rake
  rspec (~> 2.0)
  sass (~> 3.1)
  skyrocket!
